GEM
  remote: http://rubygems.org/
  specs:
    blankslate (2.1.2.4)
    ffi (1.0.11)
    haml (3.1.6)
    nokogiri (1.5.5)
    pygments.rb (0.2.13)
      rubypython (~> 0.5.3)
    redcarpet (2.1.1)
    rubypython (0.5.3)
      blankslate (>= 2.1.2.3)
      ffi (~> 1.0.7)
    sass (3.1.20)
    slim (1.2.2)
      temple (~> 0.4.0)
      tilt (~> 1.3.3)
    temple (0.4.0)
    tilt (1.3.3)

PLATFORMS
  ruby

DEPENDENCIES
  haml
  nokogiri
  pygments.rb
  redcarpet
  sass
  slim
  tilt
